GEM
  remote: https://rubygems.org/
  specs:
    activesupport (6.1.6.1)
      concurrent-ruby (~> 1.0, >= 1.0.2)
      i18n (>= 1.6, < 2)
      minitest (>= 5.1)
      tzinfo (~> 2.0)
      zeitwerk (~> 2.3)
    byebug (11.1.1)
    coderay (1.1.2)
    concurrent-ruby (1.1.10)
    dotenv (2.7.5)
    i18n (1.12.0)
      concurrent-ruby (~> 1.0)
    json (2.3.0)
    mem (0.1.5)
    method_source (0.9.2)
    minitest (5.16.2)
    pry (0.12.2)
      coderay (~> 1.1.0)
      method_source (~> 0.9.0)
    pry-byebug (3.8.0)
      byebug (~> 11.0)
      pry (~> 0.10)
    pusher-client (0.6.2)
      json
      websocket (~> 1.0)
    ruboty (1.3.0)
      activesupport
      bundler
      dotenv
      mem
      slop
    ruboty-idobata (0.0.7)
      pusher-client
      ruboty
    slop (4.8.0)
    tzinfo (2.0.5)
      concurrent-ruby (~> 1.0)
    websocket (1.2.8)
    zeitwerk (2.6.0)

PLATFORMS
  ruby

DEPENDENCIES
  pry-byebug
  ruboty
  ruboty-idobata

RUBY VERSION
   ruby 2.6.5p114

BUNDLED WITH
   2.0.2
